GEM
  remote: https://rubygems.org/
  specs:
    childprocess (0.9.0)
      ffi (~> 1.0, >= 1.0.11)
    coderay (1.1.2)
    dotenv (2.5.0)
    ffi (1.9.25)
    mail (2.7.0)
      mini_mime (>= 0.1.1)
    method_source (0.9.0)
    mini_mime (1.0.0)
    pry (0.11.3)
      coderay (~> 1.1.0)
      method_source (~> 0.9.0)
    rubyzip (1.2.1)
    selenium-webdriver (3.12.0)
      childprocess (~> 0.5)
      rubyzip (~> 1.2)

PLATFORMS
  ruby

DEPENDENCIES
  dotenv
  mail
  pry
  selenium-webdriver

BUNDLED WITH
   1.16.1
